GEM
  remote: https://rubygems.org/
  specs:
    cpf_utils (1.3.1)

PLATFORMS
  x86_64-linux

DEPENDENCIES
  cpf_utils

BUNDLED WITH
   2.3.26
